FRAMEWORK: NET40, NET45
NUGET
  remote: https://www.nuget.org/api/v2
    FAKE (4.32)
    FSharp.Core (4.0.0.1)
    Suave (2.0.0-alpha4)
    Suave.LibUv (2.0.0-alpha4)
      FSharp.Core (>= 3.1.2.5)
      Suave (>= 2.0.0-alpha4)
